GEM
  remote: https://rubygems.org/
  specs:
    rack (2.2.4)
    webrick (1.7.0)

PLATFORMS
  x64-mingw32
  x86_64-linux

DEPENDENCIES
  rack
  webrick

BUNDLED WITH
   2.3.17
